GIT
  remote: https://github.com/errbit/hoptoad_notifier
  revision: 9b6a6f5017c5ca52b07b8d5c64c79b6d44c121d3
  branch: errbit
  specs:
    hoptoad_notifier (2.4.11)
      activesupport
      builder

GEM
  remote: https://rubygems.org/
  specs:
    actioncable (7.2.2.1)
      actionpack (= 7.2.2.1)
      activesupport (= 7.2.2.1)
      nio4r (~> 2.0)
      websocket-driver (>= 0.6.1)
      zeitwerk (~> 2.6)
    actionmailbox (7.2.2.1)
      actionpack (= 7.2.2.1)
      activejob (= 7.2.2.1)
      activerecord (= 7.2.2.1)
      activestorage (= 7.2.2.1)
      activesupport (= 7.2.2.1)
      mail (>= 2.8.0)
    actionmailer (7.2.2.1)
      actionpack (= 7.2.2.1)
      actionview (= 7.2.2.1)
      activejob (= 7.2.2.1)
      activesupport (= 7.2.2.1)
      mail (>= 2.8.0)
      rails-dom-testing (~> 2.2)
    actionmailer_inline_css (1.6.0)
      actionmailer (>= 3.0.0)
      nokogiri (>= 1.7.0)
      premailer (>= 1.11.0)
    actionpack (7.2.2.1)
      actionview (= 7.2.2.1)
      activesupport (= 7.2.2.1)
      nokogiri (>= 1.8.5)
      racc
      rack (>= 2.2.4, < 3.2)
      rack-session (>= 1.0.1)
      rack-test (>= 0.6.3)
      rails-dom-testing (~> 2.2)
      rails-html-sanitizer (~> 1.6)
      useragent (~> 0.16)
    actiontext (7.2.2.1)
      actionpack (= 7.2.2.1)
      activerecord (= 7.2.2.1)
      activestorage (= 7.2.2.1)
      activesupport (= 7.2.2.1)
      globalid (>= 0.6.0)
      nokogiri (>= 1.8.5)
    actionview (7.2.2.1)
      activesupport (= 7.2.2.1)
      builder (~> 3.1)
      erubi (~> 1.11)
      rails-dom-testing (~> 2.2)
      rails-html-sanitizer (~> 1.6)
    activejob (7.2.2.1)
      activesupport (= 7.2.2.1)
      globalid (>= 0.3.6)
    activemodel (7.2.2.1)
      activesupport (= 7.2.2.1)
    activemodel-serializers-xml (1.0.3)
      activemodel (>= 5.0.0.a)
      activesupport (>= 5.0.0.a)
      builder (~> 3.1)
    activerecord (7.2.2.1)
      activemodel (= 7.2.2.1)
      activesupport (= 7.2.2.1)
      timeout (>= 0.4.0)
    activestorage (7.2.2.1)
      actionpack (= 7.2.2.1)
      activejob (= 7.2.2.1)
      activerecord (= 7.2.2.1)
      activesupport (= 7.2.2.1)
      marcel (~> 1.0)
    activesupport (7.2.2.1)
      base64
      benchmark (>= 0.3)
      bigdecimal
      concurrent-ruby (~> 1.0, >= 1.3.1)
      connection_pool (>= 2.2.5)
      drb
      i18n (>= 1.6, < 2)
      logger (>= 1.4.2)
      minitest (>= 5.1)
      securerandom (>= 0.3)
      tzinfo (~> 2.0, >= 2.0.5)
    addressable (2.8.7)
      public_suffix (>= 2.0.2, < 7.0)
    airbrake (4.3.8)
      builder
      multi_json
    ast (2.4.3)
    attr_extras (7.1.0)
    base64 (0.3.0)
    bcrypt (3.1.20)
    benchmark (0.4.1)
    bigdecimal (3.2.1)
    bootsnap (1.18.6)
      msgpack (~> 1.2)
    brakeman (7.0.2)
      racc
    bson (5.0.2)
    builder (3.3.0)
    bundler-audit (0.9.2)
      bundler (>= 1.2.0, < 3)
      thor (~> 1.0)
    campy (1.0.0)
    capybara (3.40.0)
      addressable
      matrix
      mini_mime (>= 0.1.3)
      nokogiri (~> 1.11)
      rack (>= 1.6.0)
      rack-test (>= 0.6.3)
      regexp_parser (>= 1.5, < 3.0)
      xpath (~> 3.2)
    childprocess (5.1.0)
      logger (~> 1.5)
    coderay (1.1.3)
    concurrent-ruby (1.3.5)
    connection_pool (2.5.3)
    crack (1.0.0)
      bigdecimal
      rexml
    crass (1.0.6)
    css_parser (1.21.1)
      addressable
    csv (3.3.5)
    date (3.4.1)
    decent_exposure (3.0.4)
      activesupport (>= 4.0)
    devise (4.9.4)
      bcrypt (~> 3.0)
      orm_adapter (~> 0.1)
      railties (>= 4.1.0)
      responders
      warden (~> 1.2.3)
    diff-lcs (1.6.2)
    docile (1.4.1)
    domain_name (0.6.20240107)
    dotenv (2.8.1)
    dotenv-rails (2.8.1)
      dotenv (= 2.8.1)
      railties (>= 3.2)
    draper (4.0.4)
      actionpack (>= 5.0)
      activemodel (>= 5.0)
      activemodel-serializers-xml (>= 1.0)
      activesupport (>= 5.0)
      request_store (>= 1.0)
      ruby2_keywords
    drb (2.2.3)
    email_spec (2.3.0)
      htmlentities (~> 4.3.3)
      launchy (>= 2.1, < 4.0)
      mail (~> 2.7)
    erb (5.0.1)
    errbit_github_plugin (0.4.0)
      activesupport
      errbit_plugin
      faraday-retry
      octokit
    errbit_plugin (0.7.0)
    erubi (1.13.1)
    fabrication (3.0.0)
    faker (3.5.1)
      i18n (>= 1.8.11, < 2)
    faraday (2.13.1)
      faraday-net_http (>= 2.0, < 3.5)
      json
      logger
    faraday-net_http (3.4.0)
      net-http (>= 0.5.0)
    faraday-retry (2.3.1)
      faraday (~> 2.0)
    ffi (1.17.2)
    ffi (1.17.2-aarch64-linux-gnu)
    ffi (1.17.2-aarch64-linux-musl)
    ffi (1.17.2-arm-linux-gnu)
    ffi (1.17.2-arm-linux-musl)
    ffi (1.17.2-arm64-darwin)
    ffi (1.17.2-x86-linux-gnu)
    ffi (1.17.2-x86-linux-musl)
    ffi (1.17.2-x86_64-darwin)
    ffi (1.17.2-x86_64-linux-gnu)
    ffi (1.17.2-x86_64-linux-musl)
    font-awesome-rails (4.7.0.9)
      railties (>= 3.2, < 9.0)
    globalid (1.2.1)
      activesupport (>= 6.1)
    haml (6.3.0)
      temple (>= 0.8.2)
      thor
      tilt
    hashdiff (1.2.0)
    hashie (5.0.0)
    hoi (0.0.7)
      httparty
      json
    htmlentities (4.3.4)
    http-accept (1.7.0)
    http-cookie (1.0.8)
      domain_name (~> 0.5)
    httparty (0.23.1)
      csv
      mini_mime (>= 1.0.0)
      multi_xml (>= 0.5.2)
    i18n (1.14.7)
      concurrent-ruby (~> 1.0)
    io-console (0.8.0)
    irb (1.15.2)
      pp (>= 0.6.0)
      rdoc (>= 4.0.0)
      reline (>= 0.4.2)
    jquery-rails (4.6.0)
      rails-dom-testing (>= 1, < 3)
      railties (>= 4.2.0)
      thor (>= 0.14, < 2.0)
    json (2.12.2)
    jwt (2.10.1)
      base64
    kaminari (1.2.2)
      activesupport (>= 4.1.0)
      kaminari-actionview (= 1.2.2)
      kaminari-activerecord (= 1.2.2)
      kaminari-core (= 1.2.2)
    kaminari-actionview (1.2.2)
      actionview
      kaminari-core (= 1.2.2)
    kaminari-activerecord (1.2.2)
      activerecord
      kaminari-core (= 1.2.2)
    kaminari-core (1.2.2)
    kaminari-mongoid (1.0.2)
      kaminari-core (~> 1.0)
      mongoid
    language_server-protocol (3.17.0.5)
    launchy (3.1.1)
      addressable (~> 2.8)
      childprocess (~> 5.0)
      logger (~> 1.6)
    lint_roller (1.1.0)
    listen (3.9.0)
      rb-fsevent (~> 0.10, >= 0.10.3)
      rb-inotify (~> 0.9, >= 0.9.10)
    logger (1.7.0)
    loofah (2.24.1)
      crass (~> 1.0.2)
      nokogiri (>= 1.12.0)
    mail (2.8.1)
      mini_mime (>= 0.1.1)
      net-imap
      net-pop
      net-smtp
    marcel (1.0.4)
    matrix (0.4.2)
    method_source (1.1.0)
    mime-types (3.7.0)
      logger
      mime-types-data (~> 3.2025, >= 3.2025.0507)
    mime-types-data (3.2025.0527)
    mini_mime (1.1.5)
    mini_portile2 (2.8.9)
    minitest (5.25.5)
    mongo (2.21.1)
      base64
      bson (>= 4.14.1, < 6.0.0)
    mongoid (9.0.6)
      activemodel (>= 5.1, < 8.1, != 7.0.0)
      concurrent-ruby (>= 1.0.5, < 2.0)
      mongo (>= 2.18.0, < 3.0.0)
    mongoid-compatibility (1.0.0)
      activesupport
      mongoid (>= 2.0)
    mongoid-rspec (4.2.0)
      mongoid (>= 3.0, < 10.0)
      mongoid-compatibility (>= 0.5.1)
    msgpack (1.8.0)
    multi_json (1.15.0)
    multi_xml (0.7.2)
      bigdecimal (~> 3.1)
    net-http (0.6.0)
      uri
    net-imap (0.5.8)
      date
      net-protocol
    net-pop (0.1.2)
      net-protocol
    net-protocol (0.2.2)
      timeout
    net-smtp (0.5.1)
      net-protocol
    netrc (0.11.0)
    nio4r (2.7.4)
    nokogiri (1.18.8)
      mini_portile2 (~> 2.8.2)
      racc (~> 1.4)
    nokogiri (1.18.8-aarch64-linux-gnu)
      racc (~> 1.4)
    nokogiri (1.18.8-aarch64-linux-musl)
      racc (~> 1.4)
    nokogiri (1.18.8-arm-linux-gnu)
      racc (~> 1.4)
    nokogiri (1.18.8-arm-linux-musl)
      racc (~> 1.4)
    nokogiri (1.18.8-arm64-darwin)
      racc (~> 1.4)
    nokogiri (1.18.8-x86_64-darwin)
      racc (~> 1.4)
    nokogiri (1.18.8-x86_64-linux-gnu)
      racc (~> 1.4)
    nokogiri (1.18.8-x86_64-linux-musl)
      racc (~> 1.4)
    oauth2 (2.0.12)
      faraday (>= 0.17.3, < 4.0)
      jwt (>= 1.0, < 4.0)
      logger (~> 1.2)
      multi_xml (~> 0.5)
      rack (>= 1.2, < 4)
      snaky_hash (~> 2.0, >= 2.0.3)
      version_gem (>= 1.1.8, < 3)
    octokit (9.2.0)
      faraday (>= 1, < 3)
      sawyer (~> 0.9)
    omniauth (2.1.3)
      hashie (>= 3.4.6)
      rack (>= 2.2.3)
      rack-protection
    omniauth-github (2.0.1)
      omniauth (~> 2.0)
      omniauth-oauth2 (~> 1.8)
    omniauth-google-oauth2 (1.2.1)
      jwt (>= 2.9.2)
      oauth2 (~> 2.0)
      omniauth (~> 2.0)
      omniauth-oauth2 (~> 1.8)
    omniauth-oauth2 (1.8.0)
      oauth2 (>= 1.4, < 3)
      omniauth (~> 2.0)
    omniauth-rails_csrf_protection (1.0.2)
      actionpack (>= 4.2)
      omniauth (~> 2.0)
    optimist (3.2.1)
    orm_adapter (0.5.0)
    ostruct (0.6.1)
    parallel (1.27.0)
    parser (3.3.8.0)
      ast (~> 2.4.1)
      racc
    patience_diff (1.2.0)
      optimist (~> 3.0)
    pjax_rails (0.5.1)
      jquery-rails
      railties (>= 4.0)
    pp (0.6.2)
      prettyprint
    premailer (1.27.0)
      addressable
      css_parser (>= 1.19.0)
      htmlentities (>= 4.0.0)
    prettyprint (0.2.0)
    prism (1.4.0)
    pry (0.15.2)
      coderay (~> 1.1)
      method_source (~> 1.0)
    pry-rails (0.3.11)
      pry (>= 0.13.0)
    psych (5.2.6)
      date
      stringio
    public_suffix (6.0.2)
    puma (6.6.0)
      nio4r (~> 2.0)
    pundit (2.5.0)
      activesupport (>= 3.0.0)
    pundit-matchers (4.0.0)
      rspec-core (~> 3.12)
      rspec-expectations (~> 3.12)
      rspec-mocks (~> 3.12)
      rspec-support (~> 3.12)
    racc (1.8.1)
    rack (3.1.15)
    rack-protection (4.1.1)
      base64 (>= 0.1.0)
      logger (>= 1.6.0)
      rack (>= 3.0.0, < 4)
    rack-session (2.1.1)
      base64 (>= 0.1.0)
      rack (>= 3.0.0)
    rack-test (2.2.0)
      rack (>= 1.3)
    rack-timeout (0.7.0)
    rackup (2.2.1)
      rack (>= 3)
    rails (7.2.2.1)
      actioncable (= 7.2.2.1)
      actionmailbox (= 7.2.2.1)
      actionmailer (= 7.2.2.1)
      actionpack (= 7.2.2.1)
      actiontext (= 7.2.2.1)
      actionview (= 7.2.2.1)
      activejob (= 7.2.2.1)
      activemodel (= 7.2.2.1)
      activerecord (= 7.2.2.1)
      activestorage (= 7.2.2.1)
      activesupport (= 7.2.2.1)
      bundler (>= 1.15.0)
      railties (= 7.2.2.1)
    rails-controller-testing (1.0.5)
      actionpack (>= 5.0.1.rc1)
      actionview (>= 5.0.1.rc1)
      activesupport (>= 5.0.1.rc1)
    rails-dom-testing (2.3.0)
      activesupport (>= 5.0.0)
      minitest
      nokogiri (>= 1.6)
    rails-html-sanitizer (1.6.2)
      loofah (~> 2.21)
      nokogiri (>= 1.15.7, != 1.16.7, != 1.16.6, != 1.16.5, != 1.16.4, != 1.16.3, != 1.16.2, != 1.16.1, != 1.16.0.rc1, != 1.16.0)
    rails_autolink (1.1.8)
      actionview (> 3.1)
      activesupport (> 3.1)
      railties (> 3.1)
    railties (7.2.2.1)
      actionpack (= 7.2.2.1)
      activesupport (= 7.2.2.1)
      irb (~> 1.13)
      rackup (>= 1.0.0)
      rake (>= 12.2)
      thor (~> 1.0, >= 1.2.2)
      zeitwerk (~> 2.6)
    rainbow (3.1.1)
    rake (13.3.0)
    rb-fsevent (0.11.2)
    rb-inotify (0.11.1)
      ffi (~> 1.0)
    rdoc (6.14.0)
      erb
      psych (>= 4.0.0)
    regexp_parser (2.10.0)
    reline (0.6.1)
      io-console (~> 0.5)
    request_store (1.7.0)
      rack (>= 1.4)
    responders (3.1.1)
      actionpack (>= 5.2)
      railties (>= 5.2)
    rest-client (2.1.0)
      http-accept (>= 1.7.0, < 2.0)
      http-cookie (>= 1.0.2, < 2.0)
      mime-types (>= 1.16, < 4.0)
      netrc (~> 0.8)
    rexml (3.4.1)
    ri_cal (0.8.8)
    rspec-activemodel-mocks (1.2.1)
      activemodel (>= 3.0)
      activesupport (>= 3.0)
      rspec-mocks (>= 2.99, < 4.0)
    rspec-core (3.13.4)
      rspec-support (~> 3.13.0)
    rspec-expectations (3.13.5)
      diff-lcs (>= 1.2.0, < 2.0)
      rspec-support (~> 3.13.0)
    rspec-mocks (3.13.5)
      diff-lcs (>= 1.2.0, < 2.0)
      rspec-support (~> 3.13.0)
    rspec-rails (8.0.0)
      actionpack (>= 7.2)
      activesupport (>= 7.2)
      railties (>= 7.2)
      rspec-core (~> 3.13)
      rspec-expectations (~> 3.13)
      rspec-mocks (~> 3.13)
      rspec-support (~> 3.13)
    rspec-retry (0.6.2)
      rspec-core (> 3.3)
    rspec-support (3.13.4)
    rubocop (1.75.8)
      json (~> 2.3)
      language_server-protocol (~> 3.17.0.2)
      lint_roller (~> 1.1.0)
      parallel (~> 1.10)
      parser (>= 3.3.0.2)
      rainbow (>= 2.2.2, < 4.0)
      regexp_parser (>= 2.9.3, < 3.0)
      rubocop-ast (>= 1.44.0, < 2.0)
      ruby-progressbar (~> 1.7)
      unicode-display_width (>= 2.4.0, < 4.0)
    rubocop-ast (1.44.1)
      parser (>= 3.3.7.2)
      prism (~> 1.4)
    rubocop-capybara (2.22.1)
      lint_roller (~> 1.1)
      rubocop (~> 1.72, >= 1.72.1)
    rubocop-disable_syntax (0.1.1)
      rubocop (>= 1.50)
    rubocop-performance (1.25.0)
      lint_roller (~> 1.1)
      rubocop (>= 1.75.0, < 2.0)
      rubocop-ast (>= 1.38.0, < 2.0)
    rubocop-rails (2.32.0)
      activesupport (>= 4.2.0)
      lint_roller (~> 1.1)
      rack (>= 1.1)
      rubocop (>= 1.75.0, < 2.0)
      rubocop-ast (>= 1.44.0, < 2.0)
    rubocop-rake (0.7.1)
      lint_roller (~> 1.1)
      rubocop (>= 1.72.1)
    rubocop-rspec (3.6.0)
      lint_roller (~> 1.1)
      rubocop (~> 1.72, >= 1.72.1)
    rubocop-rspec_rails (2.31.0)
      lint_roller (~> 1.1)
      rubocop (~> 1.72, >= 1.72.1)
      rubocop-rspec (~> 3.5)
    rubocop-thread_safety (0.7.2)
      lint_roller (~> 1.1)
      rubocop (~> 1.72, >= 1.72.1)
    ruby-progressbar (1.13.0)
    ruby2_keywords (0.0.5)
    rubyzip (2.4.1)
    rushover (0.3.0)
      json
      rest-client
    sawyer (0.9.2)
      addressable (>= 2.3.5)
      faraday (>= 0.17.3, < 3)
    securerandom (0.4.1)
    selenium-webdriver (4.33.0)
      base64 (~> 0.2)
      logger (~> 1.4)
      rexml (~> 3.2, >= 3.2.5)
      rubyzip (>= 1.2.2, < 3.0)
      websocket (~> 1.0)
    simplecov (0.22.0)
      docile (~> 1.1)
      simplecov-html (~> 0.11)
      simplecov_json_formatter (~> 0.1)
    simplecov-html (0.13.1)
    simplecov_json_formatter (0.1.4)
    snaky_hash (2.0.3)
      hashie (>= 0.1.0, < 6)
      version_gem (>= 1.1.8, < 3)
    sprockets (4.2.2)
      concurrent-ruby (~> 1.0)
      logger
      rack (>= 2.2.4, < 4)
    sprockets-rails (3.5.2)
      actionpack (>= 6.1)
      activesupport (>= 6.1)
      sprockets (>= 3.0.0)
    standard (1.50.0)
      language_server-protocol (~> 3.17.0.2)
      lint_roller (~> 1.0)
      rubocop (~> 1.75.5)
      standard-custom (~> 1.0.0)
      standard-performance (~> 1.8)
    standard-custom (1.0.2)
      lint_roller (~> 1.0)
      rubocop (~> 1.50)
    standard-performance (1.8.0)
      lint_roller (~> 1.1)
      rubocop-performance (~> 1.25.0)
    stringio (3.1.7)
    sucker_punch (3.2.0)
      concurrent-ruby (~> 1.0)
    super_diff (0.15.0)
      attr_extras (>= 6.2.4)
      diff-lcs
      patience_diff
    temple (0.10.3)
    thor (1.3.2)
    thruster (0.1.13)
    thruster (0.1.13-aarch64-linux)
    thruster (0.1.13-arm64-darwin)
    thruster (0.1.13-x86_64-darwin)
    thruster (0.1.13-x86_64-linux)
    tilt (2.6.0)
    timeout (0.4.3)
    tzinfo (2.0.6)
      concurrent-ruby (~> 1.0)
    underscore-rails (1.8.3)
    unicode-display_width (3.1.4)
      unicode-emoji (~> 4.0, >= 4.0.4)
    unicode-emoji (4.0.4)
    uri (1.0.3)
    useragent (0.16.11)
    vcr (6.3.1)
      base64
    version_gem (1.1.8)
    warden (1.2.9)
      rack (>= 2.0.9)
    webmock (3.25.1)
      addressable (>= 2.8.0)
      crack (>= 0.3.2)
      hashdiff (>= 0.4.0, < 2.0.0)
    websocket (1.2.11)
    websocket-driver (0.8.0)
      base64
      websocket-extensions (>= 0.1.0)
    websocket-extensions (0.1.5)
    xmpp4r (0.5.6)
    xpath (3.2.0)
      nokogiri (~> 1.8)
    zeitwerk (2.7.3)

PLATFORMS
  aarch64-linux
  aarch64-linux-gnu
  aarch64-linux-musl
  arm-linux-gnu
  arm-linux-musl
  arm64-darwin
  ruby
  x86-linux-gnu
  x86-linux-musl
  x86_64-darwin
  x86_64-linux
  x86_64-linux-gnu
  x86_64-linux-musl

DEPENDENCIES
  actionmailer_inline_css
  activemodel-serializers-xml
  airbrake (~> 4.3.5)
  bigdecimal (= 3.2.1)
  bootsnap (>= 1.4.4)
  brakeman
  bundler-audit
  campy
  capybara
  decent_exposure
  devise
  dotenv-rails
  draper
  email_spec
  errbit_github_plugin
  errbit_plugin
  fabrication
  faker
  faraday-retry
  font-awesome-rails
  haml
  hoi
  hoptoad_notifier!
  htmlentities
  httparty
  jquery-rails
  json
  kaminari
  kaminari-mongoid
  launchy
  listen (~> 3.5)
  mongoid
  mongoid-rspec
  octokit
  omniauth
  omniauth-github
  omniauth-google-oauth2
  omniauth-rails_csrf_protection
  ostruct
  pjax_rails
  pry-rails
  puma
  pundit
  pundit-matchers
  rack-timeout
  rails (= 7.2.2.1)
  rails-controller-testing
  rails_autolink
  rexml
  ri_cal
  rspec-activemodel-mocks
  rspec-rails
  rspec-retry
  rubocop
  rubocop-capybara
  rubocop-disable_syntax
  rubocop-performance
  rubocop-rails
  rubocop-rake
  rubocop-rspec
  rubocop-rspec_rails
  rubocop-thread_safety
  rushover
  selenium-webdriver
  simplecov
  sprockets-rails
  standard (= 1.50.0)
  sucker_punch
  super_diff
  thruster
  underscore-rails
  uri
  useragent
  vcr
  webmock
  xmpp4r

CHECKSUMS
  actioncable (7.2.2.1) sha256=5b3b885075a80767d63cbf2b586cbf82466a241675b7985233f957abb01bffb4
  actionmailbox (7.2.2.1) sha256=896a47c2520f4507c75dde67c6ea1f5eec3a041fe7bfbf3568c4e0149a080e25
  actionmailer (7.2.2.1) sha256=b02ae523c32c8ad762d4db941e76f3c108c106030132247ee7a7b8c86bc7b21f
  actionmailer_inline_css (1.6.0) sha256=b763306c37bf79f9e46b67b5e3cca261b42a0457f0fb05ca1b850f9aef0f5450
  actionpack (7.2.2.1) sha256=17b2160a7bcbd5a569d06b1ae54a4bb5ccc7ba0815d73ff5768100a79dc1f734
  actiontext (7.2.2.1) sha256=f369cee41a6674b697bf9257d917a3dce575a2c89935af437b432d6737a3f0d6
  actionview (7.2.2.1) sha256=69fc880cf3d8b1baf21b048cf7bb68f1eef08760ff8104d7d60a6a1be8b359a5
  activejob (7.2.2.1) sha256=f2f95a8573b394aa4f7c24843f0c4a6065c073a5c64d6f15ecd98d98c2c23e5b
  activemodel (7.2.2.1) sha256=8398861f9ee2c4671a8357ab39e9b38a045fd656f6685a3dd5890c2419dbfdaf
  activemodel-serializers-xml (1.0.3) sha256=fa1b16305e7254cc58a59c68833e3c0a593a59c8ab95d3be5aaea7cd9416c397
  activerecord (7.2.2.1) sha256=79a31f71c32d5138717c2104e0ff105f5d82922247c85bdca144f2720e67fab9
  activestorage (7.2.2.1) sha256=b4ec35ff94d4d6656ee6952ce439c3f80e249552d49fd2d3996ee53880c5525f
  activesupport (7.2.2.1) sha256=842bcbf8a92977f80fb4750661a237cf5dd4fdd442066b3c35e88afb488647f5
  addressable (2.8.7) sha256=462986537cf3735ab5f3c0f557f14155d778f4b43ea4f485a9deb9c8f7c58232
  airbrake (4.3.8) sha256=d06947194f5dcd7e192c28067f2c47728511d75326c17045094c3a0b84f68c2d
  ast (2.4.3) sha256=954615157c1d6a382bc27d690d973195e79db7f55e9765ac7c481c60bdb4d383
  attr_extras (7.1.0) sha256=d96fc9a9dd5d85ba2d37762440a816f840093959ae26bb90da994c2d9f1fc827
  base64 (0.3.0) sha256=27337aeabad6ffae05c265c450490628ef3ebd4b67be58257393227588f5a97b
  bcrypt (3.1.20) sha256=8410f8c7b3ed54a3c00cd2456bf13917d695117f033218e2483b2e40b0784099
  benchmark (0.4.1) sha256=d4ef40037bba27f03b28013e219b950b82bace296549ec15a78016552f8d2cce
  bigdecimal (3.2.1) sha256=1f68631e876c6aba8fe9b84b36983c55ad3293ff2d1ad4c6f115bde1e9d802e3
  bootsnap (1.18.6) sha256=0ae2393c1e911e38be0f24e9173e7be570c3650128251bf06240046f84a07d00
  brakeman (7.0.2) sha256=b602d91bcec6c5ce4d4bc9e081e01f621c304b7a69f227d1e58784135f333786
  bson (5.0.2) sha256=eeac55a357c3103bdf3f903954ded8eb2dab15ae29f10d8bc62afb359971d523
  builder (3.3.0) sha256=497918d2f9dca528fdca4b88d84e4ef4387256d984b8154e9d5d3fe5a9c8835f
  bundler-audit (0.9.2) sha256=73051daa09865c436450a35c4d87ceef15f3f9777f4aad4fd015cc6f1f2b1048
  campy (1.0.0) sha256=fc353b535c448afad5acfc972264b609a9a461335b09cda151d3e7bbf9504ef6
  capybara (3.40.0) sha256=42dba720578ea1ca65fd7a41d163dd368502c191804558f6e0f71b391054aeef
  childprocess (5.1.0) sha256=9a8d484be2fd4096a0e90a0cd3e449a05bc3aa33f8ac9e4d6dcef6ac1455b6ec
  coderay (1.1.3) sha256=dc530018a4684512f8f38143cd2a096c9f02a1fc2459edcfe534787a7fc77d4b
  concurrent-ruby (1.3.5) sha256=813b3e37aca6df2a21a3b9f1d497f8cbab24a2b94cab325bffe65ee0f6cbebc6
  connection_pool (2.5.3) sha256=cfd74a82b9b094d1ce30c4f1a346da23ee19dc8a062a16a85f58eab1ced4305b
  crack (1.0.0) sha256=c83aefdb428cdc7b66c7f287e488c796f055c0839e6e545fec2c7047743c4a49
  crass (1.0.6) sha256=dc516022a56e7b3b156099abc81b6d2b08ea1ed12676ac7a5657617f012bd45d
  css_parser (1.21.1) sha256=6cfd3ffc0a97333b39d2b1b49c95397b05e0e3b684d68f77ec471ba4ec2ef7c7
  csv (3.3.5) sha256=6e5134ac3383ef728b7f02725d9872934f523cb40b961479f69cf3afa6c8e73f
  date (3.4.1) sha256=bf268e14ef7158009bfeaec40b5fa3c7271906e88b196d958a89d4b408abe64f
  decent_exposure (3.0.4) sha256=5ce9e3df24f8d77f094b2e612d1c43a78a2de879847ccbb57c0e596e6c303cf1
  devise (4.9.4) sha256=920042fe5e704c548aa4eb65ebdd65980b83ffae67feb32c697206bfd975a7f8
  diff-lcs (1.6.2) sha256=9ae0d2cba7d4df3075fe8cd8602a8604993efc0dfa934cff568969efb1909962
  docile (1.4.1) sha256=96159be799bfa73cdb721b840e9802126e4e03dfc26863db73647204c727f21e
  domain_name (0.6.20240107) sha256=5f693b2215708476517479bf2b3802e49068ad82167bcd2286f899536a17d933
  dotenv (2.8.1) sha256=c5944793349ae03c432e1780a2ca929d60b88c7d14d52d630db0508c3a8a17d8
  dotenv-rails (2.8.1) sha256=b05b81b7f4e51d1359e218d92279db1d84b12440f7118c9df19b5dfffb620f6c
  draper (4.0.4) sha256=acf3d7f4d5b28fd0e3b9fad9a0692f9a990e119362b802b92852362f9535b85e
  drb (2.2.3) sha256=0b00d6fdb50995fe4a45dea13663493c841112e4068656854646f418fda13373
  email_spec (2.3.0) sha256=df23be7a131186f7a3d5be3b35eaac9196f9ac13bd26c9c3d59341e13d852d11
  erb (5.0.1) sha256=760439803b36cc93eca8a266aab614614e588024a89bc30a62e78d98ff452c23
  errbit_github_plugin (0.4.0) sha256=23114c00120f62011ea748871fd8909b5e585b0c382e79e351feacad620d441d
  errbit_plugin (0.7.0) sha256=2deec87f62dbc953ff86a69b46bb4d339678a9a9439342b85f3dfb909621d94d
  erubi (1.13.1) sha256=a082103b0885dbc5ecf1172fede897f9ebdb745a4b97a5e8dc63953db1ee4ad9
  fabrication (3.0.0) sha256=a6a0bfad9071348ad3cb1701df788524b888c0cdd044b988893e7509f7463be3
  faker (3.5.1) sha256=1ad1fbea279d882f486059c23fe3ddb816ccd1d7052c05a45014b4450d859bfc
  faraday (2.13.1) sha256=cc531eb5467e7d74d4517630fa96f1a7003647cbf20a9a3e067d098941217b75
  faraday-net_http (3.4.0) sha256=a1f1e4cd6a2cf21599c8221595e27582d9936819977bbd4089a601f24c64e54a
  faraday-retry (2.3.1) sha256=4004faa21f41fc5360d359bc79889fc58fb7fae0ce93bfb737a784ac76805c03
  ffi (1.17.2) sha256=297235842e5947cc3036ebe64077584bff583cd7a4e94e9a02fdec399ef46da6
  ffi (1.17.2-aarch64-linux-gnu) sha256=c910bd3cae70b76690418cce4572b7f6c208d271f323d692a067d59116211a1a
  ffi (1.17.2-aarch64-linux-musl) sha256=69e6556b091d45df83e6c3b19d3c54177c206910965155a6ec98de5e893c7b7c
  ffi (1.17.2-arm-linux-gnu) sha256=d4a438f2b40224ae42ec72f293b3ebe0ba2159f7d1bd47f8417e6af2f68dbaa5
  ffi (1.17.2-arm-linux-musl) sha256=977dfb7f3a6381206dbda9bc441d9e1f9366bf189a634559c3b7c182c497aaa3
  ffi (1.17.2-arm64-darwin) sha256=54dd9789be1d30157782b8de42d8f887a3c3c345293b57ffb6b45b4d1165f813
  ffi (1.17.2-x86-linux-gnu) sha256=95d8f9ebea23c39888e2ab85a02c98f54acb2f4e79b829250d7267ce741dc7b0
  ffi (1.17.2-x86-linux-musl) sha256=41741449bab2b9530f42a47baa5c26263925306fad0ac2d60887f51af2e3b24c
  ffi (1.17.2-x86_64-darwin) sha256=981f2d4e32ea03712beb26e55e972797c2c5a7b0257955d8667ba58f2da6440e
  ffi (1.17.2-x86_64-linux-gnu) sha256=05d2026fc9dbb7cfd21a5934559f16293815b7ce0314846fee2ac8efbdb823ea
  ffi (1.17.2-x86_64-linux-musl) sha256=97c0eb3981414309285a64dc4d466bd149e981c279a56371ef811395d68cb95c
  font-awesome-rails (4.7.0.9) sha256=b45044908fbf3178b8d84fbae415dae4b9bf847612bcb1170d88ed13842c8732
  globalid (1.2.1) sha256=70bf76711871f843dbba72beb8613229a49429d1866828476f9c9d6ccc327ce9
  haml (6.3.0) sha256=8e6eb87d869639e348852009e74a2a1663d79663ed7e7dbcb38beb1f12bcdd97
  hashdiff (1.2.0) sha256=c984f13e115bfc9953332e8e83bd9d769cfde9944e2d54e07eb9df7b76e140b5
  hashie (5.0.0) sha256=9d6c4e51f2a36d4616cbc8a322d619a162d8f42815a792596039fc95595603da
  hoi (0.0.7) sha256=bbea294ad76f08fcc6931f17e689ab3342cb09d73472fd5f7f1a1744af5f836d
  hoptoad_notifier (2.4.11)
  htmlentities (4.3.4) sha256=125a73c6c9f2d1b62100b7c3c401e3624441b663762afa7fe428476435a673da
  http-accept (1.7.0) sha256=c626860682bfbb3b46462f8c39cd470fd7b0584f61b3cc9df5b2e9eb9972a126
  http-cookie (1.0.8) sha256=b14fe0445cf24bf9ae098633e9b8d42e4c07c3c1f700672b09fbfe32ffd41aa6
  httparty (0.23.1) sha256=3ac1dd62f2010f6ece551716f5ceec2b2012011d89f1751917ab7f724e966b55
  i18n (1.14.7) sha256=ceba573f8138ff2c0915427f1fc5bdf4aa3ab8ae88c8ce255eb3ecf0a11a5d0f
  io-console (0.8.0) sha256=cd6a9facbc69871d69b2cb8b926fc6ea7ef06f06e505e81a64f14a470fddefa2
  irb (1.15.2) sha256=222f32952e278da34b58ffe45e8634bf4afc2dc7aa9da23fed67e581aa50fdba
  jquery-rails (4.6.0) sha256=3c4e6bf47274340b44d836b8aa1b5472c6d451e2739af5ec094421f39025a7e2
  json (2.12.2) sha256=ba94a48ad265605c8fa9a50a5892f3ba6a02661aa010f638211f3cb36f44abf4
  jwt (2.10.1) sha256=e6424ae1d813f63e761a04d6284e10e7ec531d6f701917fadcd0d9b2deaf1cc5
  kaminari (1.2.2) sha256=c4076ff9adccc6109408333f87b5c4abbda5e39dc464bd4c66d06d9f73442a3e
  kaminari-actionview (1.2.2) sha256=1330f6fc8b59a4a4ef6a549ff8a224797289ebf7a3a503e8c1652535287cc909
  kaminari-activerecord (1.2.2) sha256=0dd3a67bab356a356f36b3b7236bcb81cef313095365befe8e98057dd2472430
  kaminari-core (1.2.2) sha256=3bd26fec7370645af40ca73b9426a448d09b8a8ba7afa9ba3c3e0d39cdbb83ff
  kaminari-mongoid (1.0.2) sha256=7d28be9a8322d82bca36e6b4983f2f91e1149eee84755b52ce26c0cd0f040ebc
  language_server-protocol (3.17.0.5) sha256=fd1e39a51a28bf3eec959379985a72e296e9f9acfce46f6a79d31ca8760803cc
  launchy (3.1.1) sha256=72b847b5cc961589dde2c395af0108c86ff0119f42d4648d25b5440ebb10059e
  lint_roller (1.1.0) sha256=2c0c845b632a7d172cb849cc90c1bce937a28c5c8ccccb50dfd46a485003cc87
  listen (3.9.0) sha256=db9e4424e0e5834480385197c139cb6b0ae0ef28cc13310cfd1ca78377d59c67
  logger (1.7.0) sha256=196edec7cc44b66cfb40f9755ce11b392f21f7967696af15d274dde7edff0203
  loofah (2.24.1) sha256=655a30842b70ec476410b347ab1cd2a5b92da46a19044357bbd9f401b009a337
  mail (2.8.1) sha256=ec3b9fadcf2b3755c78785cb17bc9a0ca9ee9857108a64b6f5cfc9c0b5bfc9ad
  marcel (1.0.4) sha256=0d5649feb64b8f19f3d3468b96c680bae9746335d02194270287868a661516a4
  matrix (0.4.2) sha256=71083ccbd67a14a43bfa78d3e4dc0f4b503b9cc18e5b4b1d686dc0f9ef7c4cc0
  method_source (1.1.0) sha256=181301c9c45b731b4769bc81e8860e72f9161ad7d66dd99103c9ab84f560f5c5
  mime-types (3.7.0) sha256=dcebf61c246f08e15a4de34e386ebe8233791e868564a470c3fe77c00eed5e56
  mime-types-data (3.2025.0527) sha256=11808d780cdb27ea5db0143dbfc261b91ed63ec5e595f424a35f9822cb497a02
  mini_mime (1.1.5) sha256=8681b7e2e4215f2a159f9400b5816d85e9d8c6c6b491e96a12797e798f8bccef
  mini_portile2 (2.8.9) sha256=0cd7c7f824e010c072e33f68bc02d85a00aeb6fce05bb4819c03dfd3c140c289
  minitest (5.25.5) sha256=391b6c6cb43a4802bfb7c93af1ebe2ac66a210293f4a3fb7db36f2fc7dc2c756
  mongo (2.21.1) sha256=a0858375c546b87c9aba6adcda8e6298720fed787be54dde0fcb4637b5e48f43
  mongoid (9.0.6) sha256=2d8d23e0afd81e5b4899c034d90a301f41cac832afa80a7aa09281c119908d19
  mongoid-compatibility (1.0.0) sha256=08e5770d102258a3b8f39443057de42cde61d465980f182954b1b70d965465e8
  mongoid-rspec (4.2.0) sha256=0811fccdc6dcca21987486208a0f614cc395620ccb7ce884b9bce0b5a677ecc8
  msgpack (1.8.0) sha256=e64ce0212000d016809f5048b48eb3a65ffb169db22238fb4b72472fecb2d732
  multi_json (1.15.0) sha256=1fd04138b6e4a90017e8d1b804c039031399866ff3fbabb7822aea367c78615d
  multi_xml (0.7.2) sha256=307a96dc48613badb7b2fc174fd4e62d7c7b619bc36ea33bfd0c49f64f5787ce
  net-http (0.6.0) sha256=9621b20c137898af9d890556848c93603716cab516dc2c89b01a38b894e259fb
  net-imap (0.5.8) sha256=52aa5fdfc1a8a3df1f793b20a327e95b5a9dfe1d733e1f0d53075d2dbcfcf593
  net-pop (0.1.2) sha256=848b4e982013c15b2f0382792268763b748cce91c9e91e36b0f27ed26420dff3
  net-protocol (0.2.2) sha256=aa73e0cba6a125369de9837b8d8ef82a61849360eba0521900e2c3713aa162a8
  net-smtp (0.5.1) sha256=ed96a0af63c524fceb4b29b0d352195c30d82dd916a42f03c62a3a70e5b70736
  netrc (0.11.0) sha256=de1ce33da8c99ab1d97871726cba75151113f117146becbe45aa85cb3dabee3f
  nio4r (2.7.4) sha256=d95dee68e0bb251b8ff90ac3423a511e3b784124e5db7ff5f4813a220ae73ca9
  nokogiri (1.18.8) sha256=8c7464875d9ca7f71080c24c0db7bcaa3940e8be3c6fc4bcebccf8b9a0016365
  nokogiri (1.18.8-aarch64-linux-gnu) sha256=36badd2eb281fca6214a5188e24a34399b15d89730639a068d12931e2adc210e
  nokogiri (1.18.8-aarch64-linux-musl) sha256=664e0f9a77a7122a66d6c03abba7641ca610769a4728db55ee1706a0838b78a2
  nokogiri (1.18.8-arm-linux-gnu) sha256=17de01ca3adf9f8e187883ed73c672344d3dbb3c260f88ffa1008e8dc255a28e
  nokogiri (1.18.8-arm-linux-musl) sha256=6e6d7e71fc39572bd613a82d528cf54392c3de1ba5ce974f05c832b8187a040b
  nokogiri (1.18.8-arm64-darwin) sha256=483b5b9fb33653f6f05cbe00d09ea315f268f0e707cfc809aa39b62993008212
  nokogiri (1.18.8-x86_64-darwin) sha256=024cdfe7d9ae3466bba6c06f348fb2a8395d9426b66a3c82f1961b907945cc0c
  nokogiri (1.18.8-x86_64-linux-gnu) sha256=4a747875db873d18a2985ee2c320a6070c4a414ad629da625fbc58d1a20e5ecc
  nokogiri (1.18.8-x86_64-linux-musl) sha256=ddd735fba49475a395b9ea793bb6474e3a3125b89960339604d08a5397de1165
  oauth2 (2.0.12) sha256=f7edb8549c7912724d07087d808c3fa6756298fd64d55d4968324df69c64ab3f
  octokit (9.2.0) sha256=4fa47ff35ce654127edf2c836ab9269bcc8829f5542dc1e86871f697ce7f4316
  omniauth (2.1.3) sha256=8d24e2e55c41926c96e4a93fd566bc026dfd6f2c850408748e89945a565956c2
  omniauth-github (2.0.1) sha256=8ff8e70ac6d6db9d52485eef52cfa894938c941496e66b52b5e2773ade3ccad4
  omniauth-google-oauth2 (1.2.1) sha256=c81c50b680fc3372d0c18147cdaf9764a67ace9e7e4e6afe7b869a01fa1aaedd
  omniauth-oauth2 (1.8.0) sha256=b2f8e9559cc7e2d4efba57607691d6d2b634b879fc5b5b6ccfefa3da85089e78
  omniauth-rails_csrf_protection (1.0.2) sha256=1170fd672aff092b9b7ebebc1453559f073ed001e3ce62a1df616e32f8dc5fe0
  optimist (3.2.1) sha256=8cf8a0fd69f3aa24ab48885d3a666717c27bc3d9edd6e976e18b9d771e72e34e
  orm_adapter (0.5.0) sha256=aa5d0be5d540cbb46d3a93e88061f4ece6a25f6e97d6a47122beb84fe595e9b9
  ostruct (0.6.1) sha256=09a3fb7ecc1fa4039f25418cc05ae9c82bd520472c5c6a6f515f03e4988cb817
  parallel (1.27.0) sha256=4ac151e1806b755fb4e2dc2332cbf0e54f2e24ba821ff2d3dcf86bf6dc4ae130
  parser (3.3.8.0) sha256=2476364142b307fa5a1b1ece44f260728be23858a9c71078e956131a75453c45
  patience_diff (1.2.0) sha256=f492094486af02fff4a80070fa6b4d0ebbcf4d42fb38bba29d095eef43f6822c
  pjax_rails (0.5.1) sha256=3cb4b53d874de1349014aaae2cb879c8924ec86d68f3054a0d958c995b0c8ddb
  pp (0.6.2) sha256=947ec3120c6f92195f8ee8aa25a7b2c5297bb106d83b41baa02983686577b6ff
  premailer (1.27.0) sha256=0fe2348cd82738855c482b31c915a06ecb1d3ad004578c19042905196ddbd1e7
  prettyprint (0.2.0) sha256=2bc9e15581a94742064a3cc8b0fb9d45aae3d03a1baa6ef80922627a0766f193
  prism (1.4.0) sha256=dc0e3e00e93160213dc2a65519d9002a4a1e7b962db57d444cf1a71565bb703e
  pry (0.15.2) sha256=12d54b8640d3fa29c9211dd4ffb08f3fd8bf7a4fd9b5a73ce5b59c8709385b6b
  pry-rails (0.3.11) sha256=a69e28e24a34d75d1f60bcf241192a54253f8f7ef8a62cba1e75750a9653593d
  psych (5.2.6) sha256=814328aa5dcb6d604d32126a20bc1cbcf05521a5b49dbb1a8b30a07e580f316e
  public_suffix (6.0.2) sha256=bfa7cd5108066f8c9602e0d6d4114999a5df5839a63149d3e8b0f9c1d3558394
  puma (6.6.0) sha256=f25c06873eb3d5de5f0a4ebc783acc81a4ccfe580c760cfe323497798018ad87
  pundit (2.5.0) sha256=4fb6b8ad3fbfe6c34e4be172a1eac03dfcb36c29d6a1214574517af5a605beda
  pundit-matchers (4.0.0) sha256=59d6077a1d575ea7cceca3ed73df5257488ee1a111ec707b2a797e76908cffd5
  racc (1.8.1) sha256=4a7f6929691dbec8b5209a0b373bc2614882b55fc5d2e447a21aaa691303d62f
  rack (3.1.15) sha256=d12b3e9960d18a26ded961250f2c0e3b375b49ff40dbe6786e9c3b160cbffca4
  rack-protection (4.1.1) sha256=51a254a5d574a7f0ca4f0672025ce2a5ef7c8c3bd09c431349d683e825d7d16a
  rack-session (2.1.1) sha256=0b6dc07dea7e4b583f58a48e8b806d4c9f1c6c9214ebc202ec94562cbea2e4e9
  rack-test (2.2.0) sha256=005a36692c306ac0b4a9350355ee080fd09ddef1148a5f8b2ac636c720f5c463
  rack-timeout (0.7.0) sha256=757337e9793cca999bb73a61fe2a7d4280aa9eefbaf787ce3b98d860749c87d9
  rackup (2.2.1) sha256=f737191fd5c5b348b7f0a4412a3b86383f88c43e13b8217b63d4c8d90b9e798d
  rails (7.2.2.1) sha256=aedb1604b40f4e43b5e8066e5a1aa34dae02c33aa9669b21fd4497d0f8c9bb40
  rails-controller-testing (1.0.5) sha256=741448db59366073e86fc965ba403f881c636b79a2c39a48d0486f2607182e94
  rails-dom-testing (2.3.0) sha256=8acc7953a7b911ca44588bf08737bc16719f431a1cc3091a292bca7317925c1d
  rails-html-sanitizer (1.6.2) sha256=35fce2ca8242da8775c83b6ba9c1bcaad6751d9eb73c1abaa8403475ab89a560
  rails_autolink (1.1.8) sha256=fbcb9d2e5f2cea9435a32e5f12556c7a9b7ed6867889fb9cf5eac405049bfc3a
  railties (7.2.2.1) sha256=e3f11bf116dd6d0d874522843ccc70ec0f89fbfed3e9c2ee48a4778cd042fe1f
  rainbow (3.1.1) sha256=039491aa3a89f42efa1d6dec2fc4e62ede96eb6acd95e52f1ad581182b79bc6a
  rake (13.3.0) sha256=96f5092d786ff412c62fde76f793cc0541bd84d2eb579caa529aa8a059934493
  rb-fsevent (0.11.2) sha256=43900b972e7301d6570f64b850a5aa67833ee7d87b458ee92805d56b7318aefe
  rb-inotify (0.11.1) sha256=a0a700441239b0ff18eb65e3866236cd78613d6b9f78fea1f9ac47a85e47be6e
  rdoc (6.14.0) sha256=2c46de58d7129b8743fcf6d76e3db971bdc914150e15ac06b386549bd82ed7db
  regexp_parser (2.10.0) sha256=cb6f0ddde88772cd64bff1dbbf68df66d376043fe2e66a9ef77fcb1b0c548c61
  reline (0.6.1) sha256=1afcc9d7cb1029cdbe780d72f2f09251ce46d3780050f3ec39c3ccc6b60675fb
  request_store (1.7.0) sha256=e1b75d5346a315f452242a68c937ef8e48b215b9453a77a6c0acdca2934c88cb
  responders (3.1.1) sha256=92f2a87e09028347368639cfb468f5fefa745cb0dc2377ef060db1cdd79a341a
  rest-client (2.1.0) sha256=35a6400bdb14fae28596618e312776c158f7ebbb0ccad752ff4fa142bf2747e3
  rexml (3.4.1) sha256=c74527a9a0a04b4ec31dbe0dc4ed6004b960af943d8db42e539edde3a871abca
  ri_cal (0.8.8) sha256=200d7709e693e661b87230c2530e96bbe276591cf552f379bbee3aab86518fba
  rspec-activemodel-mocks (1.2.1) sha256=a2c1a8abb68b42b412bdd0bfc975145d1a950d50176c0b65eca5369bed44a2bb
  rspec-core (3.13.4) sha256=f9da156b7b775c82610a7b580624df51a55102f8c8e4a103b98f5d7a9fa23958
  rspec-expectations (3.13.5) sha256=33a4d3a1d95060aea4c94e9f237030a8f9eae5615e9bd85718fe3a09e4b58836
  rspec-mocks (3.13.5) sha256=e4338a6f285ada9fe56f5893f5457783af8194f5d08884d17a87321d5195ea81
  rspec-rails (8.0.0) sha256=977a508cd94d152db2068c6585470db5d0cd47eef56d5410b9531034fb9d97bf
  rspec-retry (0.6.2) sha256=6101ba23a38809811ae3484acde4ab481c54d846ac66d5037ccb40131a60d858
  rspec-support (3.13.4) sha256=184b1814f6a968102b57df631892c7f1990a91c9a3b9e80ef892a0fc2a71a3f7
  rubocop (1.75.8) sha256=c80ab4286c5dcfc49d7ad1787cdba5569b63b58c96ee7afde4ec47a9c8a85be9
  rubocop-ast (1.44.1) sha256=e3cc04203b2ef04f6d6cf5f85fe6d643f442b18cc3b23e3ada0ce5b6521b8e92
  rubocop-capybara (2.22.1) sha256=ced88caef23efea53f46e098ff352f8fc1068c649606ca75cb74650970f51c0c
  rubocop-disable_syntax (0.1.1) sha256=fba0b24edbd3de049ccaac8473c18fed308b5bd991e389a3368965f6cb88edbb
  rubocop-performance (1.25.0) sha256=6f7d03568a770054117a78d0a8e191cefeffb703b382871ca7743831b1a52ec1
  rubocop-rails (2.32.0) sha256=9fcc623c8722fe71e835e99c4a18b740b5b0d3fb69915d7f0777f00794b30490
  rubocop-rake (0.7.1) sha256=3797f2b6810c3e9df7376c26d5f44f3475eda59eb1adc38e6f62ecf027cbae4d
  rubocop-rspec (3.6.0) sha256=c0e4205871776727e54dee9cc91af5fd74578001551ba40e1fe1a1ab4b404479
  rubocop-rspec_rails (2.31.0) sha256=775375e18a26a1184a812ef3054b79d218e85601b9ae897f38f8be24dddf1f45
  rubocop-thread_safety (0.7.2) sha256=bd51449c420b1ddda5672b71a39706367402beb55aaf19fc020c1868717f31f6
  ruby-progressbar (1.13.0) sha256=80fc9c47a9b640d6834e0dc7b3c94c9df37f08cb072b7761e4a71e22cff29b33
  ruby2_keywords (0.0.5) sha256=ffd13740c573b7301cf7a2e61fc857b2a8e3d3aff32545d6f8300d8bae10e3ef
  rubyzip (2.4.1) sha256=8577c88edc1fde8935eb91064c5cb1aef9ad5494b940cf19c775ee833e075615
  rushover (0.3.0) sha256=8490d0f8fc0421d774122ac0f299bb4c1dc3bf482cd759df5ed635965b30dd48
  sawyer (0.9.2) sha256=fa3a72d62a4525517b18857ddb78926aab3424de0129be6772a8e2ba240e7aca
  securerandom (0.4.1) sha256=cc5193d414a4341b6e225f0cb4446aceca8e50d5e1888743fac16987638ea0b1
  selenium-webdriver (4.33.0) sha256=720cad35cb7c2fdd87706940ed107bf2ec6873e50fa45b26f497fa28a8f97e1d
  simplecov (0.22.0) sha256=fe2622c7834ff23b98066bb0a854284b2729a569ac659f82621fc22ef36213a5
  simplecov-html (0.13.1) sha256=5dab0b7ee612e60e9887ad57693832fdf4695b4c0c859eaea5f95c18791ef10b
  simplecov_json_formatter (0.1.4) sha256=529418fbe8de1713ac2b2d612aa3daa56d316975d307244399fa4838c601b428
  snaky_hash (2.0.3) sha256=25a3d299566e8153fb02fa23fd9a9358845950f7a523ddbbe1fa1e0d79a6d456
  sprockets (4.2.2) sha256=761e5a49f1c288704763f73139763564c845a8f856d52fba013458f8af1b59b1
  sprockets-rails (3.5.2) sha256=a9e88e6ce9f8c912d349aa5401509165ec42326baf9e942a85de4b76dbc4119e
  standard (1.50.0) sha256=b6c67f61fd6cedeec90ee338c6e913d9ccc4c467660ad1575da8aa6ba10f4aec
  standard-custom (1.0.2) sha256=424adc84179a074f1a2a309bb9cf7cd6bfdb2b6541f20c6bf9436c0ba22a652b
  standard-performance (1.8.0) sha256=ed17b7d0e061b2a19a91dd434bef629439e2f32310f22f26acb451addc92b788
  stringio (3.1.7) sha256=5b78b7cb242a315fb4fca61a8255d62ec438f58da2b90be66048546ade4507fa
  sucker_punch (3.2.0) sha256=8eeb8d59254210f85b57fc9534c5a64f5e7d7498060dd6b9b50e33a89b100567
  super_diff (0.15.0) sha256=1c857c27ea49ed57685ce05897efc35839d169e74a30fca1a97e7a401f0cb914
  temple (0.10.3) sha256=df3145fe6577af1e25387eb7f7122d32ed51bdb6f2e7bb0f4fbf07b66151913b
  thor (1.3.2) sha256=eef0293b9e24158ccad7ab383ae83534b7ad4ed99c09f96f1a6b036550abbeda
  thruster (0.1.13) sha256=f889335a7c93b497ecf3a21beeb2cc698bdb181b1ce5cca5f0140f0e9fdcbb5b
  thruster (0.1.13-aarch64-linux) sha256=32baea3e82733e36851ff8ae2435698b7c9c3d822495214976e9974916d0c0f5
  thruster (0.1.13-arm64-darwin) sha256=680a3167c891a78f6fc49797b62b585638c8b32b4c9c309b962bb53b7876b4e1
  thruster (0.1.13-x86_64-darwin) sha256=dd3ddd88a03c78ae5d08a7ac9aa0d7c52f8443fa9770807266eb717b9e16aae2
  thruster (0.1.13-x86_64-linux) sha256=396f682379c5327b915523eac9a04550c04f97c95e27b53bae00e0c36cb2f1c5
  tilt (2.6.0) sha256=263d748466e0d83e510aa1a2e2281eff547937f0ef06be33d3632721e255f76b
  timeout (0.4.3) sha256=9509f079b2b55fe4236d79633bd75e34c1c1e7e3fb4b56cb5fda61f80a0fe30e
  tzinfo (2.0.6) sha256=8daf828cc77bcf7d63b0e3bdb6caa47e2272dcfaf4fbfe46f8c3a9df087a829b
  underscore-rails (1.8.3) sha256=d37d0a297df9078a27e00df6bfa3f3b110eb27dd8f84c1588a9727a2cfbada47
  unicode-display_width (3.1.4) sha256=8caf2af1c0f2f07ec89ef9e18c7d88c2790e217c482bfc78aaa65eadd5415ac1
  unicode-emoji (4.0.4) sha256=2c2c4ef7f353e5809497126285a50b23056cc6e61b64433764a35eff6c36532a
  uri (1.0.3) sha256=e9f2244608eea2f7bc357d954c65c910ce0399ca5e18a7a29207ac22d8767011
  useragent (0.16.11) sha256=700e6413ad4bb954bb63547fa098dddf7b0ebe75b40cc6f93b8d54255b173844
  vcr (6.3.1) sha256=37b56e157e720446a3f4d2d39919cabef8cb7b6c45936acffd2ef8229fec03ed
  version_gem (1.1.8) sha256=a964767ecbe36551b9ff2e59099548c27569f2f7f94bdb09f609d76393a8e008
  warden (1.2.9) sha256=46684f885d35a69dbb883deabf85a222c8e427a957804719e143005df7a1efd0
  webmock (3.25.1) sha256=ab9d5d9353bcbe6322c83e1c60a7103988efc7b67cd72ffb9012629c3d396323
  websocket (1.2.11) sha256=b7e7a74e2410b5e85c25858b26b3322f29161e300935f70a0e0d3c35e0462737
  websocket-driver (0.8.0) sha256=ed0dba4b943c22f17f9a734817e808bc84cdce6a7e22045f5315aa57676d4962
  websocket-extensions (0.1.5) sha256=1c6ba63092cda343eb53fc657110c71c754c56484aad42578495227d717a8241
  xmpp4r (0.5.6) sha256=2bff083e07896f7e3c629e1c3fb574e9862b6063b76cc810cb9dba2db1179a96
  xpath (3.2.0) sha256=6dfda79d91bb3b949b947ecc5919f042ef2f399b904013eb3ef6d20dd3a4082e
  zeitwerk (2.7.3) sha256=b2e86b4a9b57d26ba68a15230dcc7fe6f040f06831ce64417b0621ad96ba3e85

BUNDLED WITH
   2.6.9
