GIT
  remote: https://github.com/Astarodubtcev/errbit_jira_plugin.git
  revision: 93d4e20b56cd9c2932057203a6cbe830ec685dff
  branch: 0.3
  specs:
    errbit_jira_plugin (0.2.0)
      errbit_plugin
      jira-ruby

GIT
  remote: https://github.com/Astarodubtcev/errbit_pivotal_plugin.git
  revision: 233c57e4baa5a8945ffa4db89c114ddce378631f
  branch: 0.3
  specs:
    errbit_pivotal_plugin (0.3.0)
      errbit_plugin (~> 0.4, >= 0.4.0)
      pivotal-tracker (~> 0.5, >= 0.5.0)

GEM
  remote: https://rubygems.org/
  specs:
    actionmailer (3.2.21)
      actionpack (= 3.2.21)
      mail (~> 2.5.4)
    actionmailer_inline_css (1.5.3)
      actionmailer (>= 3.0.0)
      nokogiri (>= 1.4.4)
      premailer (>= 1.7.1)
    actionpack (3.2.21)
      activemodel (= 3.2.21)
      activesupport (= 3.2.21)
      builder (~> 3.0.0)
      erubis (~> 2.7.0)
      journey (~> 1.0.4)
      rack (~> 1.4.5)
      rack-cache (~> 1.2)
      rack-test (~> 0.6.1)
      sprockets (~> 2.2.1)
    activemodel (3.2.21)
      activesupport (= 3.2.21)
      builder (~> 3.0.0)
    activerecord (3.2.21)
      activemodel (= 3.2.21)
      activesupport (= 3.2.21)
      arel (~> 3.0.2)
      tzinfo (~> 0.3.29)
    activeresource (3.2.21)
      activemodel (= 3.2.21)
      activesupport (= 3.2.21)
    activesupport (3.2.21)
      i18n (~> 0.6, >= 0.6.4)
      multi_json (~> 1.0)
    addressable (2.3.6)
    airbrake (3.1.14)
      builder
      json
    arel (3.0.3)
    atomic (1.1.14)
    bcrypt-ruby (3.1.2)
    better_errors (1.0.1)
      coderay (>= 1.0.0)
      erubis (>= 2.6.6)
    binding_of_caller (0.7.2)
      debug_inspector (>= 0.0.1)
    bitbucket_rest_api (0.1.5)
      faraday (~> 0.8.1)
      faraday_middleware (~> 0.9.0)
      hashie (~> 2.0.5)
      multi_json (~> 1.3)
      nokogiri (>= 1.5.2)
      simple_oauth
    builder (3.0.4)
    callsite (0.0.11)
    campy (1.0.0)
    capistrano (2.15.5)
      highline
      net-scp (>= 1.0.0)
      net-sftp (>= 2.0.0)
      net-ssh (>= 2.0.14)
      net-ssh-gateway (>= 1.1.0)
    capybara (2.1.0)
      mime-types (>= 1.16)
      nokogiri (>= 1.3.3)
      rack (>= 1.0.0)
      rack-test (>= 0.5.4)
      xpath (~> 2.0)
    cliver (0.3.2)
    coderay (1.0.9)
    coveralls (0.7.0)
      multi_json (~> 1.3)
      rest-client
      simplecov (>= 0.7)
      term-ansicolor
      thor
    crack (0.4.2)
      safe_yaml (~> 1.0.0)
    css_parser (1.3.5)
      addressable
    database_cleaner (1.2.0)
    debug_inspector (0.0.2)
    decent_exposure (2.3.0)
    devise (3.1.1)
      bcrypt-ruby (~> 3.0)
      orm_adapter (~> 0.1)
      railties (>= 3.2.6, < 5)
      thread_safe (~> 0.1)
      warden (~> 1.2.3)
    diff-lcs (1.2.4)
    dotenv (0.9.0)
    draper (1.3.0)
      actionpack (>= 3.0)
      activemodel (>= 3.0)
      activesupport (>= 3.0)
      request_store (~> 1.0.3)
    email_spec (1.5.0)
      launchy (~> 2.1)
      mail (~> 2.2)
    errbit_bitbucket_plugin (0.1.0)
      bitbucket_rest_api
      errbit_plugin
      faraday (~> 0.8.1)
    errbit_fogbugz_plugin (0.1.0)
      errbit_plugin (~> 0.4, >= 0.4.0)
      ruby-fogbugz (~> 0.1, >= 0.1)
    errbit_github_plugin (0.1.0)
      errbit_plugin
      octokit
    errbit_gitlab_plugin (0.1.0)
      errbit_plugin (~> 0.4, >= 0.4.0)
      gitlab (~> 3.0.0, >= 3.0.0)
    errbit_lighthouse_plugin (0.1.0)
      errbit_plugin (~> 0)
      lighthouse-api (~> 2)
    errbit_plugin (0.4.0)
    errbit_redmine_plugin (0.3.0)
      errbit_plugin (~> 0)
      oruen_redmine_client (~> 0)
    errbit_unfuddle_plugin (0.1.0)
      errbit_plugin (~> 0.4, >= 0.4.0)
    erubis (2.7.0)
    execjs (2.0.2)
    fabrication (2.9.0)
    faraday (0.8.9)
      multipart-post (~> 1.2.0)
    faraday_middleware (0.9.1)
      faraday (>= 0.7.4, < 0.10)
    flowdock (0.3.1)
      httparty (~> 0.7)
      multi_json
    foreman (0.63.0)
      dotenv (>= 0.7)
      thor (>= 0.13.6)
    gitlab (3.0.0)
      httparty
    haml (4.0.3)
      tilt
    happymapper (0.4.1)
      libxml-ruby (~> 2.0)
    hashie (2.0.5)
    highline (1.6.20)
    hike (1.2.3)
    hipchat (0.12.0)
      httparty
    hoi (0.0.6)
      httparty (> 0.6.0)
      json (> 1.4.0)
    hoptoad_notifier (2.4.11)
      activesupport
      builder
    htmlentities (4.3.1)
    httparty (0.12.0)
      json (~> 1.8)
      multi_xml (>= 0.5.2)
    httpauth (0.2.0)
    i18n (0.6.11)
    jira-ruby (0.1.14)
      activesupport
      oauth (~> 0.4.7)
    journey (1.0.4)
    jquery-rails (2.1.4)
      railties (>= 3.0, < 5.0)
      thor (>= 0.14, < 2.0)
    json (1.8.1)
    jwt (0.1.8)
      multi_json (>= 1.5)
    kaminari (0.14.1)
      actionpack (>= 3.0.0)
      activesupport (>= 3.0.0)
    kgio (2.8.1)
    launchy (2.3.0)
      addressable (~> 2.3)
    libv8 (3.16.14.7)
    libxml-ruby (2.8.0)
    lighthouse-api (2.0)
      activeresource (>= 3.0.0)
      activesupport (>= 3.0.0)
    mail (2.5.4)
      mime-types (~> 1.16)
      treetop (~> 1.4.8)
    meta_request (0.2.8)
      callsite
      rack-contrib
      railties
    method_source (0.8.2)
    mime-types (1.25.1)
    mini_portile (0.6.1)
    mongoid (3.1.5)
      activemodel (~> 3.2)
      moped (~> 1.4)
      origin (~> 1.0)
      tzinfo (~> 0.3.29)
    mongoid-rspec (1.9.0)
      mongoid (>= 3.0.1)
      rake
      rspec (>= 2.14)
    mongoid_rails_migrations (1.0.1)
      activesupport (>= 3.2.0)
      bundler (>= 1.0.0)
      rails (>= 3.2.0)
      railties (>= 3.2.0)
    moped (1.5.1)
    multi_json (1.10.1)
    multi_xml (0.5.5)
    multipart-post (1.2.0)
    net-scp (1.1.2)
      net-ssh (>= 2.6.5)
    net-sftp (2.1.2)
      net-ssh (>= 2.6.5)
    net-ssh (2.7.0)
    net-ssh-gateway (1.2.0)
      net-ssh (>= 2.6.5)
    nokogiri (1.6.4.1)
      mini_portile (~> 0.6.0)
    nokogiri-happymapper (0.5.9)
      nokogiri (~> 1.5)
    oauth (0.4.7)
    oauth2 (0.8.1)
      faraday (~> 0.8)
      httpauth (~> 0.1)
      jwt (~> 0.1.4)
      multi_json (~> 1.0)
      rack (~> 1.2)
    octokit (3.3.1)
      sawyer (~> 0.5.3)
    omniauth (1.1.4)
      hashie (>= 1.2, < 3)
      rack
    omniauth-github (1.1.1)
      omniauth (~> 1.0)
      omniauth-oauth2 (~> 1.1)
    omniauth-oauth2 (1.1.1)
      oauth2 (~> 0.8.0)
      omniauth (~> 1.0)
    origin (1.1.0)
    orm_adapter (0.4.0)
    oruen_redmine_client (0.0.1)
      activeresource (>= 2.3.0)
    pivotal-tracker (0.5.12)
      builder
      crack
      happymapper (>= 0.3.2)
      nokogiri (>= 1.4.3)
      nokogiri (>= 1.5.5)
      nokogiri-happymapper (>= 0.5.4)
      rest-client (~> 1.6.0)
    pjax_rails (0.3.4)
      jquery-rails
    poltergeist (1.5.1)
      capybara (~> 2.1)
      cliver (~> 0.3.1)
      multi_json (~> 1.0)
      websocket-driver (>= 0.2.0)
    polyglot (0.3.5)
    premailer (1.7.3)
      css_parser (>= 1.1.9)
      htmlentities (>= 4.0.0)
    pry (0.9.12.2)
      coderay (~> 1.0.5)
      method_source (~> 0.8)
      slop (~> 3.4)
    pry-rails (0.3.2)
      pry (>= 0.9.10)
    puma (2.6.0)
      rack (>= 1.1, < 2.0)
    quiet_assets (1.0.2)
      railties (>= 3.1, < 5.0)
    rack (1.4.5)
    rack-cache (1.2)
      rack (>= 0.4)
    rack-contrib (1.1.0)
      rack (>= 0.9.1)
    rack-ssl (1.3.4)
      rack
    rack-ssl-enforcer (0.2.6)
    rack-test (0.6.2)
      rack (>= 1.0)
    rails (3.2.21)
      actionmailer (= 3.2.21)
      actionpack (= 3.2.21)
      activerecord (= 3.2.21)
      activeresource (= 3.2.21)
      activesupport (= 3.2.21)
      bundler (~> 1.0)
    rails_autolink (1.1.4)
      rails (> 3.1)
      railties (= 3.2.21)
    railties (3.2.21)
      actionpack (= 3.2.21)
      activesupport (= 3.2.21)
      rack-ssl (~> 1.3.2)
      rake (>= 0.8.7)
      rdoc (~> 3.4)
      thor (>= 0.14.6, < 2.0)
    raindrops (0.12.0)
    rake (10.3.2)
    rdoc (3.12.2)
      json (~> 1.4)
    ref (1.0.5)
    request_store (1.0.6)
    rest-client (1.6.8)
      mime-types (~> 1.16)
      rdoc (>= 2.4.2)
    ri_cal (0.8.8)
    rspec (2.14.1)
      rspec-core (~> 2.14.0)
      rspec-expectations (~> 2.14.0)
      rspec-mocks (~> 2.14.0)
    rspec-core (2.14.6)
    rspec-expectations (2.14.3)
      diff-lcs (>= 1.1.3, < 2.0)
    rspec-mocks (2.14.4)
    rspec-rails (2.14.0)
      actionpack (>= 3.0)
      activesupport (>= 3.0)
      railties (>= 3.0)
      rspec-core (~> 2.14.0)
      rspec-expectations (~> 2.14.0)
      rspec-mocks (~> 2.14.0)
    ruby-fogbugz (0.1.1)
      crack
    rushover (0.3.0)
      json
      rest-client
    safe_yaml (1.0.4)
    sawyer (0.5.5)
      addressable (~> 2.3.5)
      faraday (~> 0.8, < 0.10)
    simple_oauth (0.3.0)
    simplecov (0.7.1)
      multi_json (~> 1.0)
      simplecov-html (~> 0.7.1)
    simplecov-html (0.7.1)
    slop (3.4.6)
    sprockets (2.2.2)
      hike (~> 1.2)
      multi_json (~> 1.0)
      rack (~> 1.0)
      tilt (~> 1.1, != 1.3.0)
    strong_parameters (0.2.1)
      actionpack (~> 3.0)
      activemodel (~> 3.0)
      railties (~> 3.0)
    term-ansicolor (1.2.2)
      tins (~> 0.8)
    therubyracer (0.12.1)
      libv8 (~> 3.16.14.0)
      ref
    thor (0.19.1)
    thread_safe (0.1.3)
      atomic
    tilt (1.4.1)
    timecop (0.6.3)
    tins (0.12.0)
    treetop (1.4.15)
      polyglot
      polyglot (>= 0.3.1)
    turbo-sprockets-rails3 (0.3.10)
      railties (> 3.2.8, < 4.0.0)
      sprockets (>= 2.0.0)
    tzinfo (0.3.41)
    uglifier (2.2.1)
      execjs (>= 0.3.0)
      json (>= 1.8.0)
    underscore-rails (1.5.2)
    unicorn (4.6.3)
      kgio (~> 2.6)
      rack
      raindrops (~> 0.7)
    useragent (0.9.0)
    warden (1.2.3)
      rack (>= 1.0)
    webmock (1.15.0)
      addressable (>= 2.2.7)
      crack (>= 0.3.2)
    websocket-driver (0.3.3)
    xmpp4r (0.5.5)
    xpath (2.0.0)
      nokogiri (~> 1.3)
    yajl-ruby (1.1.0)

PLATFORMS
  ruby

DEPENDENCIES
  actionmailer (~> 3.2.21)
  actionmailer_inline_css
  actionpack (~> 3.2.21)
  airbrake
  better_errors
  binding_of_caller
  campy
  capistrano (~> 2.0)
  capybara
  coveralls
  database_cleaner
  decent_exposure
  devise
  draper
  email_spec
  errbit_bitbucket_plugin
  errbit_fogbugz_plugin
  errbit_github_plugin
  errbit_gitlab_plugin
  errbit_jira_plugin!
  errbit_lighthouse_plugin
  errbit_pivotal_plugin!
  errbit_plugin
  errbit_redmine_plugin
  errbit_unfuddle_plugin
  execjs
  fabrication
  flowdock
  foreman
  haml
  hipchat
  hoi
  hoptoad_notifier (~> 2.4)
  htmlentities
  httparty
  jquery-rails (~> 2.1.4)
  kaminari (>= 0.14.1)
  launchy
  meta_request
  mongoid
  mongoid-rspec
  mongoid_rails_migrations
  omniauth-github
  pjax_rails
  poltergeist
  pry-rails
  puma
  quiet_assets
  rack-ssl
  rack-ssl-enforcer
  rails_autolink
  railties (~> 3.2.21)
  ri_cal
  rspec-rails
  rushover
  strong_parameters
  therubyracer
  timecop
  turbo-sprockets-rails3
  uglifier (>= 1.0.3)
  underscore-rails
  unicorn
  useragent
  webmock
  xmpp4r
  yajl-ruby

BUNDLED WITH
   1.10.6
